GEM
  remote: https://rubygems.org/
  specs:
    dotenv (2.8.1)
    httparty (0.21.0)
      mini_mime (>= 1.0.0)
      multi_xml (>= 0.5.2)
    matrix (0.4.2)
    mini_mime (1.1.2)
    multi_xml (0.6.0)
    mysql2 (0.5.5)
    ruby-openai (3.7.0)
      httparty (>= 0.18.1)

PLATFORMS
  arm64-darwin-21

DEPENDENCIES
  dotenv
  matrix (~> 0.4.2)
  mysql2 (>= 0.5.2)
  ruby-openai

BUNDLED WITH
   2.3.7
